PATH
  remote: .
  specs:
    duvet (0.3.3)

GEM
  remote: http://rubygems.org/
  specs:
    metaclass (0.0.1)
    mocha (0.10.2)
      metaclass (~> 0.0.1)
    rake (0.9.2.2)
    sass (3.1.12)

PLATFORMS
  ruby

DEPENDENCIES
  duvet!
  mocha (> 0)
  rake
  sass
